GEM
  remote: http://rubygems.org/
  specs:
    fig_newton (1.0)
      yml_reader (>= 0.7)
    mustermann (1.1.1)
      ruby2_keywords (~> 0.0.1)
    nokogiri (1.13.5-x64-mingw32)
      racc (~> 1.4)
    nokogiri (1.13.5-x86_64-linux)
      racc (~> 1.4)
    racc (1.6.0)
    rack (2.2.3)
    rack-protection (2.1.0)
      rack
    ruby2_keywords (0.0.5)
    sinatra (2.1.0)
      mustermann (~> 1.0)
      rack (~> 2.2)
      rack-protection (= 2.1.0)
      tilt (~> 2.0)
    tilt (2.0.10)
    yml_reader (0.7)

PLATFORMS
  x64-mingw32
  x86_64-linux

DEPENDENCIES
  fig_newton
  nokogiri
  sinatra

BUNDLED WITH
   2.0.1
