GEM
  remote: http://rubygems.org/
  specs:
    fig_newton (1.0)
      yml_reader (>= 0.7)
    mini_portile2 (2.6.1)
    mustermann (2.0.2)
      ruby2_keywords (~> 0.0.1)
    nokogiri (1.12.4)
      mini_portile2 (~> 2.6.1)
      racc (~> 1.4)
    nokogiri (1.12.4-x64-mingw32)
      racc (~> 1.4)
    nokogiri (1.12.4-x86_64-linux)
      racc (~> 1.4)
    racc (1.5.2)
    rack (2.2.4)
    rack-protection (2.2.3)
      rack
    ruby2_keywords (0.0.5)
    sinatra (2.2.3)
      mustermann (~> 2.0)
      rack (~> 2.2)
      rack-protection (= 2.2.3)
      tilt (~> 2.0)
    tilt (2.0.11)
    yml_reader (0.7)

PLATFORMS
  ruby
  x64-mingw32
  x86_64-linux

DEPENDENCIES
  fig_newton
  nokogiri
  sinatra

BUNDLED WITH
   2.0.1
