GEM
  remote: http://www.rubygems.org/
  specs:
    fig_newton (1.0)
      yml_reader (>= 0.7)
    mini_portile2 (2.3.0)
    mustermann (1.0.3)
    nokogiri (1.8.4-x64-mingw32)
      mini_portile2 (~> 2.3.0)
    rack (2.0.5)
    rack-protection (2.0.3)
      rack
    sinatra (2.0.3)
      mustermann (~> 1.0)
      rack (~> 2.0)
      rack-protection (= 2.0.3)
      tilt (~> 2.0)
    tilt (2.0.8)
    yml_reader (0.7)

PLATFORMS
  x64-mingw32

DEPENDENCIES
  fig_newton
  nokogiri
  sinatra

BUNDLED WITH
   1.16.3
